PATH
  remote: .
  specs:
    eventswarm-jar (1.0-java)
      java-uuid-generator-jar (~> 3.1.3)
      log4j-jar (~> 1.2.14)
      opencsv-jar (~> 2.3)
    eventswarm-social-jar (1.0-java)
      eventswarm-jar (~> 1.0)
      json-jar (= 20140107)
      log4j-jar (~> 1.2.14)
      twitter4j-jars (~> 4.0.2)
    java-uuid-generator-jar (3.1.3-java)
    json-jar (20140107-java)
    log4j-jar (1.2.14-java)
    opencsv-jar (2.3-java)
    revs (1.0.0.SNAPSHOT)
      activesupport
      clickatell (~> 0.8.2)
      eventswarm-jar (~> 1.0)
      eventswarm-social-jar (~> 1.0)
      json-jar (= 20140107)
      log4j-jar (~> 1.2.14)
      mail (~> 2.5.4)
      twitter-text (~> 1.6.1)
      twitter4j-jars (~> 4.0.2)
      uuid (~> 2.3.7)
    twitter4j-jars (4.0.2-java)

GEM
  remote: http://rubygems.org/
  specs:
    activesupport (4.0.0)
      i18n (~> 0.6, >= 0.6.4)
      minitest (~> 4.2)
      multi_json (~> 1.3)
      thread_safe (~> 0.1)
      tzinfo (~> 0.3.37)
    atomic (1.1.10-java)
    builder (3.2.2)
    clickatell (0.8.2)
    cucumber (1.3.4)
      builder (>= 2.1.2)
      diff-lcs (>= 1.1.3)
      gherkin (~> 2.12.0)
      multi_json (~> 1.7.5)
      multi_test (~> 0.0.1)
    diff-lcs (1.2.4)
    gherkin (2.12.0-java)
      multi_json (~> 1.3)
    i18n (0.6.4)
    macaddr (1.6.1)
      systemu (~> 2.5.0)
    mail (2.5.4)
      mime-types (~> 1.16)
      treetop (~> 1.4.8)
    mime-types (1.23)
    minitest (4.7.5)
    multi_json (1.7.7)
    multi_test (0.0.1)
    polyglot (0.3.3)
    rake (10.1.0)
    rspec (2.14.1)
      rspec-core (~> 2.14.0)
      rspec-expectations (~> 2.14.0)
      rspec-mocks (~> 2.14.0)
    rspec-core (2.14.3)
    rspec-expectations (2.14.0)
      diff-lcs (>= 1.1.3, < 2.0)
    rspec-mocks (2.14.1)
    systemu (2.5.2)
    thread_safe (0.1.0)
      atomic
    treetop (1.4.14)
      polyglot
      polyglot (>= 0.3.1)
    twitter-text (1.6.1)
      unf (~> 0.0.5)
    tzinfo (0.3.37)
    unf (0.0.5-java)
    uuid (2.3.7)
      macaddr (~> 1.0)

PLATFORMS
  java

DEPENDENCIES
  cucumber
  eventswarm-jar!
  eventswarm-social-jar!
  log4j-jar!
  opencsv-jar!
  rake
  revs!
  rspec
  twitter4j-jars!
