PATH
  remote: .
  specs:
    java-uuid-generator-jar (3.1.3-java)
    json-jar (20140107-java)
    revs (2.0.0.SNAPSHOT-java)
      activesupport (~> 4.0)
      clickatell (~> 0.8)
      mail (~> 2.7)
      uuid (~> 2.3)

PATH
  remote: .
  specs:
    eventswarm-jar (1.0-java)
      java-uuid-generator-jar (~> 3.1.3)
      log4j-jar (~> 1.2.14)
      opencsv-jar (~> 2.3)
    eventswarm-social-jar (1.0-java)
      eventswarm-jar (~> 1.0)
      json-jar (= 20140107)
      log4j-jar (~> 1.2.14)
      twitter4j-jars (~> 4.0.2)
    log4j-jar (1.2.14-java)
    opencsv-jar (2.3-java)
    twitter4j-jars (4.0.2-java)

GEM
  remote: http://rubygems.org/
  specs:
    activesupport (4.2.11.1)
      i18n (~> 0.7)
      minitest (~> 5.1)
      thread_safe (~> 0.3, >= 0.3.4)
      tzinfo (~> 1.1)
    ast (2.4.0)
    backport (1.1.2)
    benchmark (0.1.0)
    builder (3.2.2)
    clickatell (0.8.2)
    concurrent-ruby (1.1.6)
    cucumber (1.3.4)
      builder (>= 2.1.2)
      diff-lcs (>= 1.1.3)
      gherkin (~> 2.12.0)
      multi_json (~> 1.7.5)
      multi_test (~> 0.0.1)
    diff-lcs (1.2.4)
    e2mmap (0.1.0)
    gherkin (2.12.0-java)
      multi_json (~> 1.3)
    i18n (0.9.5)
      concurrent-ruby (~> 1.0)
    jar-dependencies (0.4.0)
    jaro_winkler (1.5.4-java)
    macaddr (1.7.2)
      systemu (~> 2.6.5)
    mail (2.7.1)
      mini_mime (>= 0.1.1)
    maruku (0.7.3)
    mini_mime (1.0.2)
    minitest (5.14.0)
    multi_json (1.7.7)
    multi_test (0.0.1)
    nokogiri (1.10.9-java)
    parallel (1.19.1)
    parser (2.7.0.5)
      ast (~> 2.4.0)
    rainbow (3.0.0)
    rake (10.1.0)
    reverse_markdown (1.4.0)
      nokogiri
    rexml (3.2.4)
    rspec (2.14.1)
      rspec-core (~> 2.14.0)
      rspec-expectations (~> 2.14.0)
      rspec-mocks (~> 2.14.0)
    rspec-core (2.14.3)
    rspec-expectations (2.14.0)
      diff-lcs (>= 1.1.3, < 2.0)
    rspec-mocks (2.14.1)
    rubocop (0.80.1)
      jaro_winkler (~> 1.5.1)
      parallel (~> 1.10)
      parser (>= 2.7.0.1)
      rainbow (>= 2.2.2, < 4.0)
      rexml
      ruby-progressbar (~> 1.7)
      unicode-display_width (>= 1.4.0, < 1.7)
    ruby-progressbar (1.10.1)
    solargraph (0.38.5)
      backport (~> 1.1)
      benchmark
      bundler (>= 1.17.2)
      e2mmap
      jaro_winkler (~> 1.5)
      maruku (~> 0.7, >= 0.7.3)
      nokogiri (~> 1.9, >= 1.9.1)
      parser (~> 2.3)
      reverse_markdown (~> 1.0, >= 1.0.5)
      rubocop (~> 0.52)
      thor (~> 1.0)
      tilt (~> 2.0)
      yard (~> 0.9)
    systemu (2.6.5)
    thor (1.0.1)
    thread_safe (0.3.6-java)
    tilt (2.0.10)
    tzinfo (1.2.6)
      thread_safe (~> 0.1)
    unicode-display_width (1.6.1)
    uuid (2.3.9)
      macaddr (~> 1.0)
    yard (0.9.24)

PLATFORMS
  java

DEPENDENCIES
  cucumber
  eventswarm-jar!
  eventswarm-social-jar!
  jar-dependencies
  log4j-jar!
  opencsv-jar!
  rake
  revs!
  rspec
  solargraph
  twitter4j-jars!

BUNDLED WITH
   2.1.4
